PATH
  remote: .
  specs:
    edifact_parser (0.9.1)

GEM
  remote: https://rubygems.org/
  specs:
    minitest (2.5.1)
    racc (1.4.9)
    rake (13.0.0)

PLATFORMS
  ruby

DEPENDENCIES
  edifact_parser!
  minitest
  racc (~> 1.4)
  rake
