PATH
  remote: .
  specs:
    edifact_parser (0.9.1)

GEM
  remote: https://rubygems.org/
  specs:
    minitest (5.14.2)
    racc (1.5.0)
    rake (13.0.1)

PLATFORMS
  ruby

DEPENDENCIES
  edifact_parser!
  minitest
  racc (~> 1.4)
  rake
